GEM
  remote: https://rubygems.org/
  specs:
    coderay (1.1.2)
    method_source (0.9.0)
    minitest (5.10.3)
    pry (0.11.2)
      coderay (~> 1.1.0)
      method_source (~> 0.9.0)
    rake (12.2.1)

PLATFORMS
  ruby

DEPENDENCIES
  minitest
  pry
  rake

BUNDLED WITH
   1.15.4
